GEM
  remote: https://rubygems.org/
  specs:
    gosu (0.8.3)

PLATFORMS
  ruby

DEPENDENCIES
  gosu
